GEM
  remote: https://rubygems.org/
  specs:
    activemodel (7.0.4.3)
      activesupport (= 7.0.4.3)
    activerecord (7.0.4.3)
      activemodel (= 7.0.4.3)
      activesupport (= 7.0.4.3)
    activesupport (7.0.4.3)
      concurrent-ruby (~> 1.0, >= 1.0.2)
      i18n (>= 1.6, < 2)
      minitest (>= 5.1)
      tzinfo (~> 2.0)
    bcrypt (3.1.18)
    coderay (1.1.3)
    concurrent-ruby (1.2.2)
    connection_pool (2.4.0)
    dotenv (2.8.1)
    hashie (3.6.0)
    i18n (1.13.0)
      concurrent-ruby (~> 1.0)
    jwt (1.5.6)
    method_source (1.0.0)
    minitest (5.18.0)
    multi_json (1.15.0)
    mustermann (3.0.0)
      ruby2_keywords (~> 0.0.1)
    nio4r (2.5.9)
    pg (1.5.3)
    pry (0.14.2)
      coderay (~> 1.1)
      method_source (~> 1.0)
    puma (6.2.2)
      nio4r (~> 2.0)
    rack (2.2.7)
    rack-flash3 (1.0.5)
      rack
    rack-protection (3.0.6)
      rack
    rake (13.0.6)
    redis (5.0.6)
      redis-client (>= 0.9.0)
    redis-client (0.14.1)
      connection_pool
    require_all (3.0.0)
    ruby2_keywords (0.0.5)
    sinatra (3.0.6)
      mustermann (~> 3.0)
      rack (~> 2.2, >= 2.2.4)
      rack-protection (= 3.0.6)
      tilt (~> 2.0)
    sinatra-activerecord (2.0.26)
      activerecord (>= 4.1)
      sinatra (>= 1.0)
    sinatra-contrib (3.0.6)
      multi_json
      mustermann (~> 3.0)
      rack-protection (= 3.0.6)
      sinatra (= 3.0.6)
      tilt (~> 2.0)
    sinatra-cross_origin (0.4.0)
    sinatra-reloader (1.0)
      sinatra-contrib
    tilt (2.1.0)
    tzinfo (2.0.6)
      concurrent-ruby (~> 1.0)

PLATFORMS
  aarch64-linux-musl
  x86_64-linux

DEPENDENCIES
  activerecord
  bcrypt
  dotenv (~> 2.1, >= 2.1.1)
  hashie (~> 3.4, >= 3.4.4)
  jwt (~> 1.5, >= 1.5.4)
  pg (~> 1.5, >= 1.5.3)
  pry (~> 0.14.1)
  puma
  rack-flash3
  rake
  redis (~> 5.0, >= 5.0.6)
  require_all
  sinatra
  sinatra-activerecord
  sinatra-cross_origin (~> 0.4.0)
  sinatra-reloader (~> 1.0)

RUBY VERSION
   ruby 3.2.0p0

BUNDLED WITH
   2.4.12
